GEM
  remote: https://rubygems.org/
  specs:
    coderay (1.1.0)
    inifile (3.0.0)
    json (1.8.1)
    method_source (0.8.2)
    pry (0.10.1)
      coderay (~> 1.1.0)
      method_source (~> 0.8.1)
      slop (~> 3.4)
    slop (3.6.0)
    sqlite3 (1.3.10)

PLATFORMS
  ruby

DEPENDENCIES
  inifile
  json
  pry
  sqlite3
